GEM
  remote: https://rubygems.org/
  specs:
    actionmailer (3.2.6)
      actionpack (= 3.2.6)
      mail (~> 2.4.4)
    actionpack (3.2.6)
      activemodel (= 3.2.6)
      activesupport (= 3.2.6)
      builder (~> 3.0.0)
      erubis (~> 2.7.0)
      journey (~> 1.0.1)
      rack (~> 1.4.0)
      rack-cache (~> 1.2)
      rack-test (~> 0.6.1)
      sprockets (~> 2.1.3)
    activemodel (3.2.6)
      activesupport (= 3.2.6)
      builder (~> 3.0.0)
    activerecord (3.2.6)
      activemodel (= 3.2.6)
      activesupport (= 3.2.6)
      arel (~> 3.0.2)
      tzinfo (~> 0.3.29)
    activeresource (3.2.6)
      activemodel (= 3.2.6)
      activesupport (= 3.2.6)
    activesupport (3.2.6)
      i18n (~> 0.6)
      multi_json (~> 1.0)
    airbrake (3.1.2)
      activesupport
      builder
    arel (3.0.2)
    asset_sync (0.4.2)
      activemodel
      fog
    aws-sdk (1.5.7)
      httparty (~> 0.7)
      json (~> 1.4)
      nokogiri (>= 1.4.4)
      uuidtools (~> 2.1)
    base62 (0.1.4)
    bson (1.6.4)
    bson_ext (1.6.4)
      bson (~> 1.6.4)
    builder (3.0.0)
    cocaine (0.2.1)
    coffee-rails (3.2.2)
      coffee-script (>= 2.2.0)
      railties (~> 3.2.0)
    coffee-script (2.2.0)
      coffee-script-source
      execjs
    coffee-script-source (1.3.3)
    dalli (2.1.0)
    decent_exposure (1.0.2)
    draper (0.15.0)
      actionpack (~> 3.2)
      activesupport (~> 3.2)
    erubis (2.7.0)
    excon (0.15.5)
    execjs (1.4.0)
      multi_json (~> 1.0)
    faraday (0.8.7)
      multipart-post (~> 1.1)
    fog (1.5.0)
      builder
      excon (~> 0.14)
      formatador (~> 0.2.0)
      mime-types
      multi_json (~> 1.0)
      net-scp (~> 1.0.4)
      net-ssh (>= 2.1.3)
      nokogiri (~> 1.5.0)
      ruby-hmac
    formatador (0.2.3)
    haml (3.1.6)
    haml-rails (0.3.4)
      actionpack (~> 3.0)
      activesupport (~> 3.0)
      haml (~> 3.0)
      railties (~> 3.0)
    hike (1.2.1)
    httparty (0.8.3)
      multi_json (~> 1.0)
      multi_xml
    i18n (0.6.0)
    journey (1.0.4)
    jquery-rails (2.0.2)
      railties (>= 3.2.0, < 5.0)
      thor (~> 0.14)
    json (1.7.4)
    jwt (0.1.5)
      multi_json (>= 1.0)
    kaminari (0.13.0)
      actionpack (>= 3.0.0)
      activesupport (>= 3.0.0)
      railties (>= 3.0.0)
    kgio (2.7.4)
    mail (2.4.4)
      i18n (>= 0.4.0)
      mime-types (~> 1.16)
      treetop (~> 1.4.8)
    mime-types (1.19)
    mongo (1.6.2)
      bson (~> 1.6.2)
    mongoid (2.4.12)
      activemodel (~> 3.1)
      mongo (<= 1.6.2)
      tzinfo (~> 0.3.22)
    mongoid-paperclip (0.0.7)
      paperclip (>= 2.3.6)
    mongoid_rails_migrations (0.0.14)
      activesupport (>= 3.0.0)
      bundler (>= 1.0.0)
      rails (>= 3.0.0)
      railties (>= 3.0.0)
    multi_json (1.3.6)
    multi_xml (0.5.1)
    multipart-post (1.2.0)
    net-scp (1.0.4)
      net-ssh (>= 1.99.1)
    net-ssh (2.5.2)
    nokogiri (1.5.5)
    paperclip (3.1.4)
      activemodel (>= 3.0.0)
      activerecord (>= 3.0.0)
      activesupport (>= 3.0.0)
      cocaine (>= 0.0.2)
      mime-types
    polyglot (0.3.3)
    rack (1.4.1)
    rack-cache (1.2)
      rack (>= 0.4)
    rack-ssl (1.3.2)
      rack
    rack-test (0.6.1)
      rack (>= 1.0)
    rails (3.2.6)
      actionmailer (= 3.2.6)
      actionpack (= 3.2.6)
      activerecord (= 3.2.6)
      activeresource (= 3.2.6)
      activesupport (= 3.2.6)
      bundler (~> 1.0)
      railties (= 3.2.6)
    railties (3.2.6)
      actionpack (= 3.2.6)
      activesupport (= 3.2.6)
      rack-ssl (~> 1.3.2)
      rake (>= 0.8.7)
      rdoc (~> 3.4)
      thor (>= 0.14.6, < 2.0)
    raindrops (0.10.0)
    rake (0.9.2.2)
    rdiscount (1.6.8)
    rdoc (3.12)
      json (~> 1.4)
    ruby-hmac (0.4.0)
    sass (3.1.20)
    sass-rails (3.2.5)
      railties (~> 3.2.0)
      sass (>= 3.1.10)
      tilt (~> 1.3)
    simple_oauth (0.1.9)
    sprockets (2.1.3)
      hike (~> 1.2)
      rack (~> 1.0)
      tilt (~> 1.1, != 1.3.0)
    thor (0.15.4)
    tilt (1.3.3)
    treetop (1.4.10)
      polyglot
      polyglot (>= 0.3.1)
    twilio-ruby (3.7.1)
      builder (>= 2.1.2)
      jwt (>= 0.1.2)
      multi_json (>= 1.3.0)
    twitter (4.0.0)
      faraday (~> 0.8)
      multi_json (~> 1.3)
      simple_oauth (~> 0.1.6)
    tzinfo (0.3.33)
    uglifier (1.2.7)
      execjs (>= 0.3.0)
      multi_json (~> 1.3)
    unicorn (4.3.1)
      kgio (~> 2.6)
      rack
      raindrops (~> 0.7)
    uuidtools (2.1.3)

PLATFORMS
  ruby

DEPENDENCIES
  airbrake (~> 3.1.2)
  asset_sync (= 0.4.2)
  aws-sdk (= 1.5.7)
  base62
  bson_ext (= 1.6.4)
  coffee-rails (~> 3.2.1)
  dalli (~> 2.1.0)
  decent_exposure (= 1.0.2)
  draper (= 0.15.0)
  haml-rails (= 0.3.4)
  jquery-rails
  kaminari (= 0.13.0)
  mongoid (~> 2.4)
  mongoid-paperclip (= 0.0.7)
  mongoid_rails_migrations (~> 0.0.14)
  nokogiri (= 1.5.5)
  rails (= 3.2.6)
  rdiscount (= 1.6.8)
  sass-rails (~> 3.2.3)
  twilio-ruby (~> 3.7.1)
  twitter (= 4.0.0)
  uglifier (>= 1.0.3)
  unicorn
